GEM
  remote: https://rubygems.org/
  specs:
    chunky_png (1.2.7)
    rqrcode (0.4.2)
    rqrcode_png (0.1.1)
      chunky_png
      rqrcode

PLATFORMS
  ruby

DEPENDENCIES
  chunky_png
  rqrcode_png
